PATH
  remote: .
  specs:
    QNE (0.2.0)
      faraday-net_http_persistent (~> 2.3)
      faraday-retry (~> 2.3)
      net-http-persistent (~> 4.0)

GEM
  remote: https://rubygems.org/
  specs:
    addressable (2.8.6)
      public_suffix (>= 2.0.2, < 6.0)
    ast (2.4.2)
    bigdecimal (3.1.6)
    byebug (11.1.3)
    connection_pool (2.5.3)
    crack (1.0.0)
      bigdecimal
      rexml
    diff-lcs (1.5.1)
    faraday (2.13.1)
      faraday-net_http (>= 2.0, < 3.5)
      json
      logger
    faraday-net_http (3.4.1)
      net-http (>= 0.5.0)
    faraday-net_http_persistent (2.3.1)
      faraday (~> 2.5)
      net-http-persistent (>= 4.0.4, < 5)
    faraday-retry (2.3.2)
      faraday (~> 2.0)
    hashdiff (1.1.0)
    json (2.12.2)
    logger (1.7.0)
    net-http (0.6.0)
      uri
    net-http-persistent (4.0.6)
      connection_pool (~> 2.2, >= 2.2.4)
    parallel (1.24.0)
    parser (3.3.0.5)
      ast (~> 2.4.1)
      racc
    public_suffix (4.0.7)
    racc (1.7.3)
    rainbow (3.1.1)
    rake (13.1.0)
    regexp_parser (2.9.0)
    rexml (3.2.6)
    rspec (3.13.0)
      rspec-core (~> 3.13.0)
      rspec-expectations (~> 3.13.0)
      rspec-mocks (~> 3.13.0)
    rspec-core (3.13.0)
      rspec-support (~> 3.13.0)
    rspec-expectations (3.13.0)
      diff-lcs (>= 1.2.0, < 2.0)
      rspec-support (~> 3.13.0)
    rspec-mocks (3.13.0)
      diff-lcs (>= 1.2.0, < 2.0)
      rspec-support (~> 3.13.0)
    rspec-support (3.13.0)
    rubocop (1.28.2)
      parallel (~> 1.10)
      parser (>= 3.1.0.0)
      rainbow (>= 2.2.2, < 4.0)
      regexp_parser (>= 1.8, < 3.0)
      rexml
      rubocop-ast (>= 1.17.0, < 2.0)
      ruby-progressbar (~> 1.7)
      unicode-display_width (>= 1.4.0, < 3.0)
    rubocop-ast (1.17.0)
      parser (>= 3.1.1.0)
    ruby-progressbar (1.13.0)
    unicode-display_width (2.5.0)
    uri (1.0.3)
    webmock (3.20.0)
      addressable (>= 2.8.0)
      crack (>= 0.3.2)
      hashdiff (>= 0.4.0, < 2.0.0)

PLATFORMS
  ruby

DEPENDENCIES
  QNE!
  byebug
  faraday-net_http_persistent (~> 2.3)
  faraday-retry (~> 2.3)
  net-http-persistent (~> 4.0)
  rake (~> 13.0)
  rspec (~> 3.0)
  rubocop (~> 1.21)
  webmock (~> 3.4)

BUNDLED WITH
   2.1.4
